PATH
  remote: .
  specs:
    asciidoctor-flashcard (0.1.0)
      asciidoctor (~> 2.0)

GEM
  remote: https://rubygems.org/
  specs:
    asciidoctor (2.0.10)
    rake (13.0.1)

PLATFORMS
  ruby

DEPENDENCIES
  asciidoctor-flashcard!
  rake (~> 13.0)

BUNDLED WITH
   2.1.4
